GEM
  remote: http://rubygems.org/
  specs:
    activemodel (3.2.13)
      activesupport (= 3.2.13)
      builder (~> 3.0.0)
    activerecord (3.2.13)
      activemodel (= 3.2.13)
      activesupport (= 3.2.13)
      arel (~> 3.0.2)
      tzinfo (~> 0.3.29)
    activerecord-jdbc-adapter (1.2.9)
    activerecord-jdbcpostgresql-adapter (1.2.9)
      activerecord-jdbc-adapter (~> 1.2.9)
      jdbc-postgres (>= 9.1, < 9.3)
    activesupport (3.2.13)
      i18n (= 0.6.1)
      multi_json (~> 1.0)
    arel (3.0.2)
    bouncy-castle-java (1.5.0147)
    builder (3.0.4)
    i18n (0.6.1)
    jdbc-postgres (9.2.1002.1)
    jruby-openssl (0.8.8)
      bouncy-castle-java (>= 1.5.0147)
    jruby-rack (1.1.13.2)
    multi_json (1.7.3)
    rack (1.5.2)
    rack-protection (1.5.0)
      rack
    rake (10.0.4)
    sinatra (1.4.2)
      rack (~> 1.5, >= 1.5.2)
      rack-protection (~> 1.4)
      tilt (~> 1.3, >= 1.3.4)
    tilt (1.4.1)
    trinidad (1.4.4)
      jruby-rack (>= 1.1.10)
      trinidad_jars (>= 1.1.0)
    trinidad_jars (1.2.3)
    trinidad_lifecycle_extension (0.4.0)
      trinidad (>= 1.4.1)
    tzinfo (0.3.37)

PLATFORMS
  java

DEPENDENCIES
  activerecord
  activerecord-jdbcpostgresql-adapter
  jruby-openssl
  rake
  sinatra
  trinidad
  trinidad_lifecycle_extension
