GEM
  remote: http://rubygems.org/
  specs:
    actionmailer (3.2.13)
      actionpack (= 3.2.13)
      mail (~> 2.5.3)
    actionpack (3.2.13)
      activemodel (= 3.2.13)
      activesupport (= 3.2.13)
      builder (~> 3.0.0)
      erubis (~> 2.7.0)
      journey (~> 1.0.4)
      rack (~> 1.4.5)
      rack-cache (~> 1.2)
      rack-test (~> 0.6.1)
      sprockets (~> 2.2.1)
    activemodel (3.2.13)
      activesupport (= 3.2.13)
      builder (~> 3.0.0)
    activerecord (3.2.13)
      activemodel (= 3.2.13)
      activesupport (= 3.2.13)
      arel (~> 3.0.2)
      tzinfo (~> 0.3.29)
    activerecord-jdbc-adapter (1.2.9)
    activerecord-jdbcpostgresql-adapter (1.2.9)
      activerecord-jdbc-adapter (~> 1.2.9)
      jdbc-postgres (>= 9.1, < 9.3)
    activeresource (3.2.13)
      activemodel (= 3.2.13)
      activesupport (= 3.2.13)
    activesupport (3.2.13)
      i18n (= 0.6.1)
      multi_json (~> 1.0)
    ancestry (1.3.0)
      activerecord (>= 2.3.14)
    arel (3.0.2)
    attr_encrypted (1.2.1)
      encryptor (>= 1.1.1)
    blankslate (2.1.2.4)
    bouncy-castle-java (1.5.0147)
    builder (3.0.4)
    climate_control (0.0.3)
      activesupport (>= 3.0)
    cocaine (0.5.1)
      climate_control (>= 0.0.3, < 1.0)
    edn (1.0.0)
      parslet (~> 1.4.0)
    encryptor (1.1.3)
    erubis (2.7.0)
    hike (1.2.2)
    i18n (0.6.1)
    jdbc-postgres (9.2.1002.1)
    journey (1.0.4)
    jruby-openssl (0.8.8)
      bouncy-castle-java (>= 1.5.0147)
    json (1.7.7-java)
    mail (2.5.3)
      i18n (>= 0.4.0)
      mime-types (~> 1.16)
      treetop (~> 1.4.8)
    mime-types (1.23)
    multi_json (1.7.2)
    paperclip (3.4.1)
      activemodel (>= 3.0.0)
      activerecord (>= 3.0.0)
      activesupport (>= 3.0.0)
      cocaine (~> 0.5.0)
      mime-types
    parslet (1.4.0)
      blankslate (~> 2.0)
    polyglot (0.3.3)
    rack (1.4.5)
    rack-cache (1.2)
      rack (>= 0.4)
    rack-protection (1.5.0)
      rack
    rack-ssl (1.3.3)
      rack
    rack-test (0.6.2)
      rack (>= 1.0)
    rails (3.2.13)
      actionmailer (= 3.2.13)
      actionpack (= 3.2.13)
      activerecord (= 3.2.13)
      activeresource (= 3.2.13)
      activesupport (= 3.2.13)
      bundler (~> 1.0)
      railties (= 3.2.13)
    railties (3.2.13)
      actionpack (= 3.2.13)
      activesupport (= 3.2.13)
      rack-ssl (~> 1.3.2)
      rake (>= 0.8.7)
      rdoc (~> 3.4)
      thor (>= 0.14.6, < 2.0)
    rake (10.0.4)
    rdoc (3.12.2)
      json (~> 1.4)
    redis (3.0.4)
    sinatra (1.3.6)
      rack (~> 1.4)
      rack-protection (~> 1.3)
      tilt (~> 1.3, >= 1.3.3)
    sprockets (2.2.2)
      hike (~> 1.2)
      multi_json (~> 1.0)
      rack (~> 1.0)
      tilt (~> 1.1, != 1.3.0)
    state_machine (1.2.0)
    thor (0.18.1)
    tilt (1.3.7)
    torquebox (2.3.0)
      thor (>= 0.14.6)
      torquebox-cache (= 2.3.0)
      torquebox-configure (= 2.3.0)
      torquebox-core (= 2.3.0)
      torquebox-messaging (= 2.3.0)
      torquebox-naming (= 2.3.0)
      torquebox-rake-support (= 2.3.0)
      torquebox-security (= 2.3.0)
      torquebox-stomp (= 2.3.0)
      torquebox-transactions (= 2.3.0)
      torquebox-web (= 2.3.0)
    torquebox-cache (2.3.0-java)
      torquebox-core (= 2.3.0)
      torquebox-transactions (= 2.3.0)
    torquebox-configure (2.3.0-java)
      blankslate (= 2.1.2.4)
    torquebox-core (2.3.0-java)
    torquebox-messaging (2.3.0-java)
      edn (= 1.0.0)
      torquebox-core (= 2.3.0)
      torquebox-transactions (= 2.3.0)
    torquebox-naming (2.3.0-java)
    torquebox-rake-support (2.3.0)
      rake (>= 0.8.7)
    torquebox-security (2.3.0-java)
      torquebox-core (= 2.3.0)
    torquebox-stomp (2.3.0)
      torquebox-core (= 2.3.0)
      torquebox-messaging (= 2.3.0)
    torquebox-transactions (2.3.0)
      torquebox-core (= 2.3.0)
    torquebox-web (2.3.0-java)
    treetop (1.4.12)
      polyglot
      polyglot (>= 0.3.1)
    tzinfo (0.3.37)

PLATFORMS
  java

DEPENDENCIES
  activerecord-jdbcpostgresql-adapter
  ancestry
  attr_encrypted
  jruby-openssl
  paperclip
  rails (= 3.2.13)
  redis
  sinatra
  state_machine
  torquebox
